PATH
  remote: .
  specs:
    casa-outlet (0.0.01)
      ims-lti
      sinatra

GEM
  remote: https://rubygems.org/
  specs:
    builder (3.2.2)
    chunky_png (1.3.0)
    compass (0.12.3)
      chunky_png (~> 1.2)
      fssm (>= 0.2.7)
      sass (= 3.2.14)
    execjs (2.0.2)
    extend_method (1.0.0)
    fork (1.0.1)
    fssm (0.2.10)
    ims-lti (1.1.4)
      builder
      oauth (~> 0.4.5)
      uuid
    macaddr (1.6.7)
      systemu (~> 2.6.2)
    oauth (0.4.7)
    rack (1.5.2)
    rack-protection (1.5.2)
      rack
    rake (10.1.1)
    ruby-bower (0.0.1)
      execjs
    sass (3.2.14)
    sass-css-importer (1.0.0.beta.0)
      sass (>= 3.1)
    sinatra (1.4.4)
      rack (~> 1.4)
      rack-protection (~> 1.4)
      tilt (~> 1.3, >= 1.3.4)
    systemu (2.6.4)
    thor (0.18.1)
    tilt (1.4.1)
    uuid (2.3.7)
      macaddr (~> 1.0)
    web_blocks (2.0.2.dev)
      compass
      execjs
      extend_method
      fork
      fssm
      ruby-bower
      sass-css-importer
      thor
      yui-compressor
    yui-compressor (0.12.0)

PLATFORMS
  ruby

DEPENDENCIES
  casa-outlet!
  rake
  web_blocks
