GEM
  remote: https://rubygems.org/
  specs:
    chunky_png (1.3.0)
    compass (0.12.3)
      chunky_png (~> 1.2)
      fssm (>= 0.2.7)
      sass (= 3.2.14)
    execjs (2.0.2)
    extend_method (1.0.0)
    fork (1.0.1)
    fssm (0.2.10)
    ruby-bower (0.0.1)
      execjs
    sass (3.2.14)
    sass-css-importer (1.0.0.beta.0)
      sass (>= 3.1)
    thor (0.18.1)
    web_blocks (2.0.2.dev)
      compass
      execjs
      extend_method
      fork
      fssm
      ruby-bower
      sass-css-importer
      thor
      yui-compressor
    yui-compressor (0.12.0)

PLATFORMS
  ruby

DEPENDENCIES
  web_blocks
